GEM
  remote: https://index.rubygems.org/
  specs:
    nokogiri (1.12.5-x86_64-linux)
      racc (~> 1.4)
    racc (1.6.0)
    rake (13.0.6)

GEM
  remote: https://rubygems.org/
  specs:
    chunky_png (1.3.11)
    diff-lcs (1.3)
    rspec (3.9.0)
      rspec-core (~> 3.9.0)
      rspec-expectations (~> 3.9.0)
      rspec-mocks (~> 3.9.0)
    rspec-core (3.9.1)
      rspec-support (~> 3.9.1)
    rspec-expectations (3.9.1)
      diff-lcs (>= 1.2.0, < 2.0)
      rspec-support (~> 3.9.0)
    rspec-mocks (3.9.1)
      diff-lcs (>= 1.2.0, < 2.0)
      rspec-support (~> 3.9.0)
    rspec-support (3.9.2)

PLATFORMS
  ruby
  x86_64-linux

DEPENDENCIES
  chunky_png
  nokogiri
  rake
  rspec
