GEM
  remote: https://rubygems.org/
  specs:
    chunky_png (1.4.0)
    diff-lcs (1.5.0)
    gem-release (2.2.2)
    rake (13.0.6)
    rspec (3.11.0)
      rspec-core (~> 3.11.0)
      rspec-expectations (~> 3.11.0)
      rspec-mocks (~> 3.11.0)
    rspec-core (3.11.0)
      rspec-support (~> 3.11.0)
    rspec-expectations (3.11.0)
      diff-lcs (>= 1.2.0, < 2.0)
      rspec-support (~> 3.11.0)
    rspec-mocks (3.11.1)
      diff-lcs (>= 1.2.0, < 2.0)
      rspec-support (~> 3.11.0)
    rspec-support (3.11.0)

PLATFORMS
  ruby
  x86_64-linux

DEPENDENCIES
  chunky_png (~> 1.3)
  gem-release (~> 2.2)
  rake (~> 13.0)
  rspec (~> 3.11)

BUNDLED WITH
   2.2.32
